GEM
  remote: https://rubygems.org/
  specs:
    ox (2.14.18)

PLATFORMS
  ruby
  x86_64-linux

DEPENDENCIES
  ox

RUBY VERSION
   ruby 3.3.4p94

BUNDLED WITH
   2.5.11
